GEM
  remote: http://rubygems.org/
  specs:
    foreman (0.87.1)

PLATFORMS
  ruby

DEPENDENCIES
  foreman (= 0.87.1)

BUNDLED WITH
   2.1.4
